GEM
  remote: https://rubygems.org/
  specs:
    gli (2.17.1)
    iniparse (1.4.4)
    mini_portile2 (2.3.0)
    nokogiri (1.8.2)
      mini_portile2 (~> 2.3.0)

PLATFORMS
  ruby

DEPENDENCIES
  gli
  iniparse
  nokogiri

RUBY VERSION
   ruby 2.5.0p0

BUNDLED WITH
   1.16.1
